GIT
  remote: git@github.com:savonrb/gyoku.git
  revision: 954d002b7c88e826492a7989d44e2b08a8e980e4
  ref: 954d002
  specs:
    gyoku (1.3.1)
      builder (>= 2.1.2)

GIT
  remote: git@github.com:servirtium/servirtium-ruby.git
  revision: 552ce65b8f96259d05d516011b3fec2e42bac319
  specs:
    servirtium (0.1.1)
      faraday
      faraday_middleware
      gyoku

GEM
  remote: https://rubygems.org/
  specs:
    ast (2.4.1)
    builder (3.2.4)
    diff-lcs (1.4.4)
    faraday (1.0.1)
      multipart-post (>= 1.2, < 3)
    faraday_middleware (1.0.0)
      faraday (~> 1.0)
    multi_xml (0.6.0)
    multipart-post (2.1.1)
    parallel (1.19.2)
    parser (2.7.1.4)
      ast (~> 2.4.1)
    rainbow (3.0.0)
    rake (13.0.1)
    regexp_parser (1.7.1)
    rexml (3.2.4)
    rspec (3.9.0)
      rspec-core (~> 3.9.0)
      rspec-expectations (~> 3.9.0)
      rspec-mocks (~> 3.9.0)
    rspec-core (3.9.2)
      rspec-support (~> 3.9.3)
    rspec-expectations (3.9.2)
      diff-lcs (>= 1.2.0, < 2.0)
      rspec-support (~> 3.9.0)
    rspec-mocks (3.9.1)
      diff-lcs (>= 1.2.0, < 2.0)
      rspec-support (~> 3.9.0)
    rspec-support (3.9.3)
    rubocop (0.89.1)
      parallel (~> 1.10)
      parser (>= 2.7.1.1)
      rainbow (>= 2.2.2, < 4.0)
      regexp_parser (>= 1.7)
      rexml
      rubocop-ast (>= 0.3.0, < 1.0)
      ruby-progressbar (~> 1.7)
      unicode-display_width (>= 1.4.0, < 2.0)
    rubocop-ast (0.3.0)
      parser (>= 2.7.1.4)
    ruby-progressbar (1.10.1)
    unicode-display_width (1.7.0)

PLATFORMS
  ruby

DEPENDENCIES
  faraday
  faraday_middleware
  gyoku!
  multi_xml
  rake
  rspec
  rubocop
  servirtium!

RUBY VERSION
   ruby 2.6.4p104

BUNDLED WITH
   2.1.4
